GEM
  remote: https://rubygems.org/
  specs:
    byebug (9.0.6)
    oj (2.18.1)
    polylines (0.3.0)
    rake (11.3.0)

PLATFORMS
  ruby

DEPENDENCIES
  byebug
  oj (~> 2)
  polylines (~> 0.3)
  rake (~> 11.3.0)

RUBY VERSION
   ruby 2.3.1p112

BUNDLED WITH
   1.13.6
